GIT
  remote: https://github.com/rspec/rspec-core.git
  revision: 82928aac51e1e7a06f155f73a72d6a5a88e7b2a8
  branch: master
  specs:
    rspec-core (3.10.0.pre)
      rspec-support (= 3.10.0.pre)

GIT
  remote: https://github.com/rspec/rspec-expectations.git
  revision: 74871dfec85e656cddc80672f8b1eaf766651cf6
  branch: master
  specs:
    rspec-expectations (3.10.0.pre)
      diff-lcs (>= 1.2.0, < 2.0)
      rspec-support (= 3.10.0.pre)

GIT
  remote: https://github.com/rspec/rspec-mocks.git
  revision: 903c342e14080c40a8aa62a604d13cf23963ecfa
  branch: master
  specs:
    rspec-mocks (3.10.0.pre)
      diff-lcs (>= 1.2.0, < 2.0)
      rspec-support (= 3.10.0.pre)

GIT
  remote: https://github.com/rspec/rspec-support.git
  revision: 3d227e50f7a3c1e88e3cb113a93537f7d524c1be
  branch: master
  specs:
    rspec-support (3.10.0.pre)

GIT
  remote: https://github.com/rspec/rspec.git
  revision: e1c2c6bd78c849d7956431331f32ba5092951dab
  branch: master
  specs:
    rspec (3.10.0.pre)
      rspec-core (= 3.10.0.pre)
      rspec-expectations (= 3.10.0.pre)
      rspec-mocks (= 3.10.0.pre)

GEM
  remote: https://rubygems.org/
  specs:
    byebug (11.0.1)
    coderay (1.1.2)
    diff-lcs (1.3)
    dotenv (2.7.5)
    method_source (0.9.2)
    pry (0.12.2)
      coderay (~> 1.1.0)
      method_source (~> 0.9.0)

PLATFORMS
  ruby

DEPENDENCIES
  byebug
  dotenv
  pry
  rspec!
  rspec-core!
  rspec-expectations!
  rspec-mocks!
  rspec-support!

BUNDLED WITH
   2.0.2
